GEM
  remote: http://rubygems.org/
  specs:
    builder (3.0.0)
    rack (1.4.0)
    rack-protection (1.2.0)
      rack
    rdiscount (1.6.8)
    sinatra (1.3.2)
      rack (~> 1.3, >= 1.3.6)
      rack-protection (~> 1.2)
      tilt (~> 1.3, >= 1.3.3)
    tilt (1.3.3)
    toto (0.4.9)
      builder
      rack
      rdiscount

PLATFORMS
  ruby

DEPENDENCIES
  sinatra
  toto
